GEM
  remote: http://repo.it2.vm/repository/gem-group/
  specs:
    activesupport (5.2.0)
      concurrent-ruby (~> 1.0, >= 1.0.2)
      i18n (>= 0.7, < 2)
      minitest (~> 5.1)
      tzinfo (~> 1.1)
    ast (2.4.0)
    awesome_print (1.8.0)
    concurrent-ruby (1.0.5)
    database_cleaner (1.7.0)
    diff-lcs (1.3)
    dotenv (2.4.0)
    factory_bot (4.10.0)
      activesupport (>= 3.0.0)
    i18n (1.0.1)
      concurrent-ruby (~> 1.0)
    jaro_winkler (1.5.1)
    minitest (5.11.3)
    parallel (1.12.1)
    parser (2.5.1.0)
      ast (~> 2.4.0)
    pg (1.0.0)
    powerpack (0.1.2)
    rainbow (3.0.0)
    rake (12.3.1)
    rspec (3.7.0)
      rspec-core (~> 3.7.0)
      rspec-expectations (~> 3.7.0)
      rspec-mocks (~> 3.7.0)
    rspec-core (3.7.1)
      rspec-support (~> 3.7.0)
    rspec-expectations (3.7.0)
      diff-lcs (>= 1.2.0, < 2.0)
      rspec-support (~> 3.7.0)
    rspec-mocks (3.7.0)
      diff-lcs (>= 1.2.0, < 2.0)
      rspec-support (~> 3.7.0)
    rspec-support (3.7.1)
    rubocop (0.57.2)
      jaro_winkler (~> 1.5.1)
      parallel (~> 1.10)
      parser (>= 2.5)
      powerpack (~> 0.1)
      rainbow (>= 2.2.2, < 4.0)
      ruby-progressbar (~> 1.7)
      unicode-display_width (~> 1.0, >= 1.0.1)
    ruby-progressbar (1.9.0)
    sequel (5.9.0)
    sequel_pg (1.9.0)
      pg (>= 0.18.0)
      sequel (>= 4.34.0)
    thread_safe (0.3.6)
    tzinfo (1.2.5)
      thread_safe (~> 0.1)
    unicode-display_width (1.4.0)
    yard (0.9.14)

PLATFORMS
  ruby

DEPENDENCIES
  activesupport
  awesome_print
  database_cleaner
  dotenv
  factory_bot
  rake
  rspec
  rubocop
  sequel
  sequel_pg
  yard

BUNDLED WITH
   1.16.2
